GEM
  remote: https://rubygems.org/
  specs:
    faraday (0.9.0)
      multipart-post (>= 1.2, < 3)
    faraday_middleware (0.9.1)
      faraday (>= 0.7.4, < 0.10)
    json (1.8.1)
    mime-types (2.4.3)
    multipart-post (2.0.0)
    oauth (0.4.7)
    simple_oauth (0.3.0)
    tumblr_client (0.8.5)
      faraday (~> 0.9.0)
      faraday_middleware (~> 0.9.0)
      json
      mime-types
      oauth
      simple_oauth

PLATFORMS
  ruby

DEPENDENCIES
  oauth
  tumblr_client
